GIT
  remote: git://github.com/NYULibraries/exlibris-nyu.git
  revision: c1512a1da26c81122d2c702007d51c797ffe077c
  tag: v2.1.2
  specs:
    exlibris-nyu (2.1.2)
      exlibris-aleph (~> 2.0.3)
      exlibris-primo (~> 1.1.6)
      require_all (~> 1.3)

GIT
  remote: git://github.com/NYULibraries/nyulibraries-assets.git
  revision: a5ff8e1d9a1541272c279b6ec89face768a1f1a4
  tag: v3.0.3
  specs:
    nyulibraries-assets (3.0.1)
      bootstrap-sass (= 2.3.2.2)
      compass (= 0.12.5)
      institutions (~> 0.1.1)

GIT
  remote: git://github.com/NYULibraries/nyulibraries-deploy.git
  revision: 14228eeac5612d17028ed723294d468aa9a7daaf
  branch: development-fig
  specs:
    nyulibraries-deploy (3.2.5)
      cap_git_tools (~> 0.9.1)
      capistrano (~> 2.15.5)
      figs (~> 2.0)
      git (~> 1.2.5)
      mail (~> 2.5.4)
      newrelic_rpm (~> 3.6)
      rake (~> 10.1.0)
      require_all (~> 1.3.0)
      rvm-capistrano (~> 1.5.0)

GIT
  remote: git://github.com/barnabyalter/authpds.git
  revision: 54292582aa9e37d3540b5027ac5b98febd53a900
  specs:
    authpds (1.1.3)
      activerecord (>= 3.2.14)
      activesupport (>= 3.2.14)
      authlogic (~> 3.3.0)
      institutions (~> 0.1.3)
      nokogiri (~> 1.6.0)
      require_all (~> 1.3.1)

GIT
  remote: git://github.com/josh/mustache-rails.git
  revision: d219b298ddc94ca0c4b749125a803f74157ddd03
  specs:
    mustache-rails (0.2.3)
      actionpack (>= 3.1)
      mustache (~> 0.99.4)

GIT
  remote: git://github.com/scotdalton/authpds-nyu.git
  revision: 0af3128d34ea0e8b654345ab120a319378af5e42
  specs:
    authpds-nyu (1.1.3)
      require_all (~> 1.3.1)

GEM
  remote: https://rubygems.org/
  specs:
    actionmailer (4.0.9)
      actionpack (= 4.0.9)
      mail (~> 2.5.4)
    actionpack (4.0.9)
      activesupport (= 4.0.9)
      builder (~> 3.1.0)
      erubis (~> 2.7.0)
      rack (~> 1.5.2)
      rack-test (~> 0.6.2)
    active-fedora (6.7.6)
      activesupport (>= 3.0.0)
      deprecation
      mediashelf-loggable
      nom-xml (>= 0.5.1)
      om (~> 3.0.0)
      rdf (~> 1.1.1.1)
      rdf-rdfxml (= 1.0.1)
      rsolr
      rubydora (~> 1.6, >= 1.6.5)
    activemodel (4.0.9)
      activesupport (= 4.0.9)
      builder (~> 3.1.0)
    activerecord (4.0.9)
      activemodel (= 4.0.9)
      activerecord-deprecated_finders (~> 1.0.2)
      activesupport (= 4.0.9)
      arel (~> 4.0.0)
    activerecord-deprecated_finders (1.0.3)
    activesupport (4.0.9)
      i18n (~> 0.6, >= 0.6.9)
      minitest (~> 4.2)
      multi_json (~> 1.3)
      thread_safe (~> 0.1)
      tzinfo (~> 0.3.37)
    addressable (2.3.6)
    akami (1.2.2)
      gyoku (>= 0.4.0)
      nokogiri
    arel (4.0.2)
    authlogic (3.3.0)
      activerecord (>= 3.2)
      activesupport (>= 3.2)
    better_errors (1.1.0)
      coderay (>= 1.0.0)
      erubis (>= 2.6.6)
    binding_of_caller (0.7.2)
      debug_inspector (>= 0.0.1)
    blacklight (4.5.0)
      bootstrap-sass (>= 2.2.0, < 2.4)
      kaminari (~> 0.13)
      marc (>= 0.4.3, < 1.1)
      nokogiri (~> 1.6)
      rails (>= 3.2.6, < 5)
      rsolr (~> 1.0.6)
      sass-rails
    block_helpers (0.3.3)
      activesupport (>= 2.0)
    bootstrap-sass (2.3.2.2)
      sass (~> 3.2)
    builder (3.1.4)
    cancan (1.6.10)
    cap_git_tools (0.9.1)
      capistrano (~> 2.0)
    capistrano (2.15.5)
      highline
      net-scp (>= 1.0.0)
      net-sftp (>= 2.0.0)
      net-ssh (>= 2.0.14)
      net-ssh-gateway (>= 1.1.0)
    capybara (2.4.1)
      mime-types (>= 1.16)
      nokogiri (>= 1.3.3)
      rack (>= 1.0.0)
      rack-test (>= 0.5.4)
      xpath (~> 2.0)
    childprocess (0.5.3)
      ffi (~> 1.0, >= 1.0.11)
    chunky_png (1.3.1)
    cliver (0.3.2)
    coderay (1.1.0)
    coffee-rails (4.0.1)
      coffee-script (>= 2.2.0)
      railties (>= 4.0.0, < 5.0)
    coffee-script (2.3.0)
      coffee-script-source
      execjs
    coffee-script-source (1.8.0)
    columnize (0.8.9)
    compass (0.12.5)
      chunky_png (~> 1.2)
      fssm (>= 0.2.7)
      sass (~> 3.2.19)
    compass-rails (1.1.7)
      compass (>= 0.12.2)
      sprockets (<= 2.11.0)
    coveralls (0.7.1)
      multi_json (~> 1.3)
      rest-client
      simplecov (>= 0.7)
      term-ansicolor
      thor
    crack (0.4.2)
      safe_yaml (~> 1.0.0)
    cucumber (1.3.16)
      builder (>= 2.1.2)
      diff-lcs (>= 1.1.3)
      gherkin (~> 2.12)
      multi_json (>= 1.7.5, < 2.0)
      multi_test (>= 0.1.1)
    cucumber-rails (1.4.1)
      capybara (>= 1.1.2, < 3)
      cucumber (>= 1.3.8, < 2)
      mime-types (~> 1.16)
      nokogiri (~> 1.5)
      rails (>= 3, < 5)
    daemons (1.1.9)
    database_cleaner (1.2.0)
    debug_inspector (0.0.2)
    debugger (1.6.8)
      columnize (>= 0.3.1)
      debugger-linecache (~> 1.2.0)
      debugger-ruby_core_source (~> 1.3.5)
    debugger-linecache (1.2.0)
    debugger-ruby_core_source (1.3.5)
    deprecation (0.1.0)
      activesupport
    diff-lcs (1.2.5)
    docile (1.1.5)
    ensure_valid_encoding (0.5.3)
    equivalent-xml (0.5.1)
      nokogiri (>= 1.4.3)
    erubis (2.7.0)
    execjs (2.2.1)
    exlibris-aleph (2.0.4)
      faraday (~> 0.9.0)
      marc (~> 0.8.0)
      multi_xml (~> 0.5.0)
      require_all (~> 1.3.0)
    exlibris-primo (1.1.7)
      activesupport (>= 3.2.14)
      iso-639 (~> 0.2.0)
      json (~> 1.8.0)
      nokogiri (~> 1.6.0)
      require_all (~> 1.3.1)
      savon (~> 2.5.0)
    factory_girl (4.4.0)
      activesupport (>= 3.0.0)
    factory_girl_rails (4.4.1)
      factory_girl (~> 4.4.0)
      railties (>= 3.0.0)
    faraday (0.9.0)
      multipart-post (>= 1.2, < 3)
    fastercsv (1.5.5)
    ffi (1.9.3)
    figs (2.0.2)
      git (~> 1.2.6)
      rake (~> 10.1)
    fssm (0.2.10)
    gherkin (2.12.2)
      multi_json (~> 1.3)
    git (1.2.8)
    gyoku (1.1.1)
      builder (>= 2.1.2)
    highline (1.6.21)
    hike (1.2.3)
    hooks (0.3.6)
      uber (~> 0.0.4)
    httpi (2.1.0)
      rack
      rubyntlm (~> 0.3.2)
    hydra (6.1.0)
      active-fedora (~> 6.7.0)
      blacklight (~> 4.5.0)
      hydra-head (~> 6.4.0)
      jettywrapper (~> 1.5.0)
      nokogiri (~> 1.6.0)
      nom-xml (~> 0.5.1)
      om (~> 3.0.3)
      rails (>= 3.2.15, < 5.0)
      rsolr (~> 1.0.9)
      rubydora (~> 1.6.5)
      solrizer (~> 3.1.0)
    hydra-access-controls (6.4.2)
      active-fedora (~> 6.7)
      activesupport
      blacklight (~> 4.0)
      cancan
      deprecation
    hydra-core (6.4.2)
      active-fedora
      blacklight (~> 4.0)
      block_helpers
      deprecation (>= 0.0.5)
      hydra-access-controls (= 6.4.2)
      jettywrapper (>= 1.4.1)
      rails (>= 3.2.3, < 5)
    hydra-head (6.4.2)
      hydra-access-controls (= 6.4.2)
      hydra-core (= 6.4.2)
      rails (>= 3.2.6)
    i18n (0.6.11)
    institutions (0.1.3)
      ipaddr_range_set (~> 0.10.0)
      require_all (~> 1.3.1)
    ipaddr_range_set (0.10.0)
    iso-639 (0.2.5)
    jbuilder (2.0.8)
      activesupport (>= 3.0.0, < 5)
      multi_json (~> 1.2)
    jettywrapper (1.5.2)
      activesupport (>= 3.0.0)
      childprocess
      i18n
      logger
      mediashelf-loggable
    jquery-rails (3.1.2)
      railties (>= 3.0, < 5.0)
      thor (>= 0.14, < 2.0)
    jquery-ui-rails (4.1.2)
      railties (>= 3.1.0)
    json (1.8.1)
    kaminari (0.16.1)
      actionpack (>= 3.0.0)
      activesupport (>= 3.0.0)
    libv8 (3.16.14.5)
    logger (1.2.8)
    macaddr (1.7.1)
      systemu (~> 2.6.2)
    mail (2.5.4)
      mime-types (~> 1.16)
      treetop (~> 1.4.8)
    marc (0.8.1)
      ensure_valid_encoding
      unf
    mediashelf-loggable (0.4.10)
    method_source (0.8.2)
    mime-types (1.25.1)
    mini_portile (0.6.0)
    minitest (4.7.5)
    multi_json (1.10.1)
    multi_test (0.1.1)
    multi_xml (0.5.5)
    multipart-post (2.0.0)
    mustache (0.99.4)
    mysql2 (0.3.16)
    net-scp (1.2.1)
      net-ssh (>= 2.6.5)
    net-sftp (2.1.2)
      net-ssh (>= 2.6.5)
    net-ssh (2.9.1)
    net-ssh-gateway (1.2.0)
      net-ssh (>= 2.6.5)
    netrc (0.7.7)
    newrelic_rpm (3.9.4.245)
    nokogiri (1.6.3.1)
      mini_portile (= 0.6.0)
    nom-xml (0.5.1)
      activesupport
      i18n
      nokogiri
    nori (2.4.0)
    om (3.0.7)
      activemodel
      activesupport
      deprecation
      mediashelf-loggable
      nokogiri (>= 1.4.2)
      solrizer (~> 3.1.0)
    phantomjs (1.9.7.1)
    pickle (0.4.11)
      cucumber (>= 0.8)
      rake
    poltergeist (1.5.1)
      capybara (~> 2.1)
      cliver (~> 0.3.1)
      multi_json (~> 1.0)
      websocket-driver (>= 0.2.0)
    polyglot (0.3.5)
    pry (0.10.1)
      coderay (~> 1.1.0)
      method_source (~> 0.8.1)
      slop (~> 3.4)
    pry-debugger (0.2.3)
      debugger (~> 1.3)
      pry (>= 0.9.10, < 0.11.0)
    rack (1.5.2)
    rack-test (0.6.2)
      rack (>= 1.0)
    rails (4.0.9)
      actionmailer (= 4.0.9)
      actionpack (= 4.0.9)
      activerecord (= 4.0.9)
      activesupport (= 4.0.9)
      bundler (>= 1.3.0, < 2.0)
      railties (= 4.0.9)
      sprockets-rails (~> 2.0)
    railties (4.0.9)
      actionpack (= 4.0.9)
      activesupport (= 4.0.9)
      rake (>= 0.8.7)
      thor (>= 0.18.1, < 2.0)
    rake (10.1.1)
    rdf (1.1.1.1)
    rdf-rdfxml (1.0.1)
      rdf (>= 1.0)
      rdf-xsd (>= 1.0)
    rdf-xsd (1.1.1)
      rdf (~> 1.1)
    ref (1.0.5)
    require_all (1.3.2)
    rest-client (1.7.2)
      mime-types (>= 1.16, < 3.0)
      netrc (~> 0.7)
    rsolr (1.0.10)
      builder (>= 2.1.2)
    rspec-core (2.14.8)
    rspec-expectations (2.14.5)
      diff-lcs (>= 1.1.3, < 2.0)
    rspec-mocks (2.14.6)
    rspec-rails (2.14.2)
      actionpack (>= 3.0)
      activemodel (>= 3.0)
      activesupport (>= 3.0)
      railties (>= 3.0)
      rspec-core (~> 2.14.0)
      rspec-expectations (~> 2.14.0)
      rspec-mocks (~> 2.14.0)
    rubydora (1.6.5)
      activemodel
      activesupport
      deprecation
      equivalent-xml
      fastercsv
      hooks (~> 0.3.0)
      mime-types
      nokogiri
      rest-client
    rubyntlm (0.3.4)
    rubyzip (1.1.6)
    rvm-capistrano (1.5.4)
      capistrano (~> 2.15.4)
    safe_yaml (1.0.3)
    sass (3.2.19)
    sass-rails (4.0.3)
      railties (>= 4.0.0, < 5.0)
      sass (~> 3.2.0)
      sprockets (~> 2.8, <= 2.11.0)
      sprockets-rails (~> 2.0)
    savon (2.5.1)
      akami (~> 1.2.0)
      builder (>= 2.1.2)
      gyoku (~> 1.1.0)
      httpi (~> 2.1.0)
      nokogiri (>= 1.4.0)
      nori (~> 2.4.0)
      uuid (~> 2.3.7)
      wasabi (~> 3.3.0)
    selenium-webdriver (2.41.0)
      childprocess (>= 0.5.0)
      multi_json (~> 1.0)
      rubyzip (~> 1.0)
      websocket (~> 1.0.4)
    simple_form (3.0.2)
      actionpack (~> 4.0)
      activemodel (~> 4.0)
    simplecov (0.9.0)
      docile (~> 1.1.0)
      multi_json
      simplecov-html (~> 0.8.0)
    simplecov-html (0.8.0)
    simplecov-rcov (0.2.3)
      simplecov (>= 0.4.1)
    slop (3.6.0)
    solrizer (3.1.1)
      activesupport
      daemons
      mediashelf-loggable (~> 0.4.7)
      nokogiri
      stomp
      xml-simple
    sorted (1.0.1)
    sprockets (2.11.0)
      hike (~> 1.2)
      multi_json (~> 1.0)
      rack (~> 1.0)
      tilt (~> 1.1, != 1.3.0)
    sprockets-rails (2.1.4)
      actionpack (>= 3.0)
      activesupport (>= 3.0)
      sprockets (~> 2.8)
    sqlite3 (1.3.9)
    stomp (1.3.3)
    systemu (2.6.4)
    term-ansicolor (1.3.0)
      tins (~> 1.0)
    therubyracer (0.12.1)
      libv8 (~> 3.16.14.0)
      ref
    thor (0.19.1)
    thread_safe (0.3.4)
    tilt (1.4.1)
    tins (1.3.2)
    treetop (1.4.15)
      polyglot
      polyglot (>= 0.3.1)
    tzinfo (0.3.41)
    uber (0.0.8)
    uglifier (2.5.3)
      execjs (>= 0.3.0)
      json (>= 1.8.0)
    unf (0.1.4)
      unf_ext
    unf_ext (0.0.6)
    unicode (0.4.4.1)
    uuid (2.3.7)
      macaddr (~> 1.0)
    vcr (2.8.0)
    wasabi (3.3.0)
      httpi (~> 2.0)
      mime-types (< 2.0.0)
      nokogiri (>= 1.4.0)
    webmock (1.15.2)
      addressable (>= 2.2.7)
      crack (>= 0.3.2)
    websocket (1.0.7)
    websocket-driver (0.3.4)
    xml-simple (1.1.4)
    xpath (2.0.0)
      nokogiri (~> 1.3)

PLATFORMS
  ruby

DEPENDENCIES
  authpds!
  authpds-nyu!
  better_errors (~> 1.1.0)
  binding_of_caller
  coffee-rails (~> 4.0.0)
  compass-rails (~> 1.1.7)
  coveralls (~> 0.7.0)
  cucumber-rails
  database_cleaner (~> 1.2.0)
  exlibris-nyu!
  factory_girl_rails (~> 4.4.0)
  faraday (~> 0.9.0)
  hydra (~> 6.1.0)
  jbuilder (~> 2.0.7)
  jettywrapper
  jquery-rails (~> 3.1.0)
  jquery-ui-rails (~> 4.1.0)
  kaminari (~> 0.13)
  multi_json (~> 1.10.1)
  multi_xml (~> 0.5.5)
  mustache (= 0.99.4)
  mustache-rails!
  mysql2 (~> 0.3.15)
  nyulibraries-assets!
  nyulibraries-deploy!
  phantomjs (>= 1.9.0)
  pickle (~> 0.4.11)
  poltergeist (~> 1.5.0)
  pry-debugger (~> 0.2.2)
  rails (~> 4.0.9)
  rspec-rails (~> 2.14.0)
  sass-rails (~> 4.0.0)
  selenium-webdriver (~> 2.41.0)
  simple_form (~> 3.0.2)
  simplecov
  simplecov-rcov
  sorted (~> 1.0.0)
  sqlite3
  therubyracer (~> 0.12.0)
  uglifier (>= 1.3.0)
  unicode
  vcr (~> 2.8.0)
  webmock (>= 1.8.0, < 1.16)
